GEM
  remote: http://rubygems.org/
  specs:
    soap4r-spox (1.6.0)

PLATFORMS
  ruby
  x86-mingw32

DEPENDENCIES
  soap4r-spox
